NUGET
  remote: https://nuget.org/api/v2
  specs:
    FAKE (3.31.2)
    FunScript (1.1.93)
